GEM
  remote: https://rubygems.org/
  specs:
    awesome_print (1.1.0)
    chronic (0.9.1)
    email_veracity (0.6.0)
    fast-stemmer (1.0.2)
    guess_html_encoding (0.0.9)
    json (1.7.5)
    metaclass (0.0.1)
    mime-types (1.23)
    mocha (0.13.1)
      metaclass (~> 0.0.1)
    nokogiri (1.5.9)
    pismo (0.7.4)
      awesome_print
      chronic
      fast-stemmer
      nokogiri
      sanitize
    rack (1.5.2)
    rack-flash3 (1.0.3)
      rack
    rack-protection (1.2.0)
      rack
    rack-test (0.6.2)
      rack (>= 1.0)
    rake (0.9.2.2)
    redis (3.0.4)
    rest-client (1.6.7)
      mime-types (>= 1.16)
    ruby-readability (0.5.7)
      guess_html_encoding (>= 0.0.4)
      nokogiri (>= 1.4.2)
    sanitize (2.0.3)
      nokogiri (>= 1.4.4, < 1.6)
      nokogiri (>= 1.4.4, < 1.6)
    sinatra (1.3.3)
      rack (~> 1.3, >= 1.3.6)
      rack-protection (~> 1.2)
      tilt (~> 1.3, >= 1.3.3)
    tilt (1.3.3)

PLATFORMS
  ruby

DEPENDENCIES
  email_veracity
  json
  mocha
  nokogiri
  pismo
  rack-flash3
  rack-test
  rake
  redis
  rest-client
  ruby-readability
  sinatra
