GEM
  remote: https://rubygems.org/
  specs:
    coderay (1.0.7)
    email_veracity (0.6.0)
    json (1.7.5)
    metaclass (0.0.1)
    method_source (0.8)
    mime-types (1.23)
    mocha (0.13.1)
      metaclass (~> 0.0.1)
    nokogiri (1.5.9)
    pry (0.9.12.2)
      coderay (~> 1.0.5)
      method_source (~> 0.8)
      slop (~> 3.4)
    rack (1.5.2)
    rack-flash3 (1.0.3)
      rack
    rack-protection (1.2.0)
      rack
    rack-test (0.6.2)
      rack (>= 1.0)
    rake (0.9.2.2)
    redis (3.0.4)
    rest-client (1.6.7)
      mime-types (>= 1.16)
    sinatra (1.3.3)
      rack (~> 1.3, >= 1.3.6)
      rack-protection (~> 1.2)
      tilt (~> 1.3, >= 1.3.3)
    slop (3.4.5)
    tilt (1.3.3)

PLATFORMS
  ruby

DEPENDENCIES
  email_veracity
  json
  mocha
  nokogiri
  pry
  rack-flash3
  rack-test
  rake
  redis
  rest-client
  sinatra
