GIT
  remote: git://github.com/halo/leader.git
  revision: e370bb585b2a8f4f7f31ba7f284b529d9b7f5199
  specs:
    leader (0.0.1)

GEM
  remote: https://rubygems.org/
  specs:
    addressable (2.3.5)
    coderay (1.0.7)
    dotenv (0.8.0)
    email_veracity (0.6.0)
    foreman (0.63.0)
      dotenv (>= 0.7)
      thor (>= 0.13.6)
    json (1.7.5)
    kgio (2.8.0)
    metaclass (0.0.1)
    method_source (0.8)
    mime-types (1.23)
    mocha (0.13.1)
      metaclass (~> 0.0.1)
    newrelic_rpm (3.6.6.147)
    nokogiri (1.5.9)
    pry (0.9.12.2)
      coderay (~> 1.0.5)
      method_source (~> 0.8)
      slop (~> 3.4)
    rack (1.5.2)
    rack-protection (1.2.0)
      rack
    rack-test (0.6.2)
      rack (>= 1.0)
    raindrops (0.11.0)
    rake (0.9.2.2)
    redis (3.0.4)
    rest-client (1.6.7)
      mime-types (>= 1.16)
    shotgun (0.9)
      rack (>= 1.0)
    sinatra (1.3.3)
      rack (~> 1.3, >= 1.3.6)
      rack-protection (~> 1.2)
      tilt (~> 1.3, >= 1.3.3)
    sinatra-flash (0.3.0)
      sinatra (>= 1.0.0)
    slop (3.4.5)
    thor (0.18.1)
    tilt (1.3.3)
    unicorn (4.6.3)
      kgio (~> 2.6)
      rack
      raindrops (~> 0.7)

PLATFORMS
  ruby

DEPENDENCIES
  addressable
  email_veracity
  foreman
  json
  leader!
  mocha
  newrelic_rpm
  nokogiri
  pry
  rack-test
  rake
  redis
  rest-client
  shotgun
  sinatra
  sinatra-flash
  unicorn
